GEM
   remote: https://rubygems.org/
   specs:
     colorize (0.8.1)
     concurrent-ruby (1.1.9)
     i18n (1.8.11)
       concurrent-ruby (~> 1.0)
     terminal-table (3.0.2)
       unicode-display_width (>= 1.1.1, < 3)
     unicode-display_width (2.1.0)

 PLATFORMS
   x86_64-macOs

 DEPENDENCIES
   colorize
   i18n
   terminal-table

 BUNDLED WITH
    2.2.32
